GEM
  remote: https://rubygems.org/
  specs:
    actionmailer (4.1.1)
      actionpack (= 4.1.1)
      actionview (= 4.1.1)
      mail (~> 2.5.4)
    actionpack (4.1.1)
      actionview (= 4.1.1)
      activesupport (= 4.1.1)
      rack (~> 1.5.2)
      rack-test (~> 0.6.2)
    actionview (4.1.1)
      activesupport (= 4.1.1)
      builder (~> 3.1)
      erubis (~> 2.7.0)
    activemodel (4.1.1)
      activesupport (= 4.1.1)
      builder (~> 3.1)
    activerecord (4.1.1)
      activemodel (= 4.1.1)
      activesupport (= 4.1.1)
      arel (~> 5.0.0)
    activesupport (4.1.1)
      i18n (~> 0.6, >= 0.6.9)
      json (~> 1.7, >= 1.7.7)
      minitest (~> 5.1)
      thread_safe (~> 0.1)
      tzinfo (~> 1.1)
    akami (1.2.2)
      gyoku (>= 0.4.0)
      nokogiri
    arel (5.0.1.20140414130214)
    better_errors (1.1.0)
      coderay (>= 1.0.0)
      erubis (>= 2.6.6)
    binding_of_caller (0.7.2)
      debug_inspector (>= 0.0.1)
    builder (3.2.2)
    coderay (1.1.0)
    coffee-rails (4.0.1)
      coffee-script (>= 2.2.0)
      railties (>= 4.0.0, < 5.0)
    coffee-script (2.2.0)
      coffee-script-source
      execjs
    coffee-script-source (1.7.0)
    debug_inspector (0.0.2)
    diff-lcs (1.2.5)
    ebnf (0.3.6)
      haml (~> 4.0)
      rdf (~> 1.1)
      sxp (~> 0.1, >= 0.1.3)
    equivalent-xml (0.4.3)
      nokogiri (>= 1.4.3)
    erubis (2.7.0)
    execjs (2.2.0)
    gyoku (1.1.1)
      builder (>= 2.1.2)
    haml (4.0.5)
      tilt
    hike (1.2.3)
    htmlentities (4.3.2)
    httpi (2.1.0)
      rack
      rubyntlm (~> 0.3.2)
    i18n (0.6.9)
    jbuilder (2.1.1)
      activesupport (>= 3.0.0, < 5)
      multi_json (~> 1.2)
    jquery-rails (3.1.0)
      railties (>= 3.0, < 5.0)
      thor (>= 0.14, < 2.0)
    json (1.8.1)
    macaddr (1.7.1)
      systemu (~> 2.6.2)
    mail (2.5.4)
      mime-types (~> 1.16)
      treetop (~> 1.4.8)
    mime-types (1.25.1)
    mini_portile (0.6.0)
    minitest (5.3.5)
    multi_json (1.10.1)
    net-http-persistent (2.9.4)
    nokogiri (1.6.2.1)
      mini_portile (= 0.6.0)
    nori (2.4.0)
    pg (0.17.1)
    polyglot (0.3.5)
    rack (1.5.2)
    rack-test (0.6.2)
      rack (>= 1.0)
    rails (4.1.1)
      actionmailer (= 4.1.1)
      actionpack (= 4.1.1)
      actionview (= 4.1.1)
      activemodel (= 4.1.1)
      activerecord (= 4.1.1)
      activesupport (= 4.1.1)
      bundler (>= 1.3.0, < 2.0)
      railties (= 4.1.1)
      sprockets-rails (~> 2.0)
    rails_12factor (0.0.2)
      rails_serve_static_assets
      rails_stdout_logging
    rails_serve_static_assets (0.0.2)
    rails_stdout_logging (0.0.3)
    railties (4.1.1)
      actionpack (= 4.1.1)
      activesupport (= 4.1.1)
      rake (>= 0.8.7)
      thor (>= 0.18.1, < 2.0)
    rake (10.3.2)
    rdf (1.1.4.1)
    rdf-aggregate-repo (1.1.0)
      rdf (>= 1.1)
    rdf-rdfa (1.1.3.2)
      haml (~> 4.0)
      htmlentities (~> 4.3)
      rdf (~> 1.1)
      rdf-xsd (~> 1.1)
    rdf-rdfxml (1.1.0.1)
      rdf (~> 1.1)
      rdf-rdfa (~> 1.1)
      rdf-xsd (~> 1.1)
    rdf-turtle (1.1.4)
      ebnf (~> 0.3, >= 0.3.6)
      rdf (~> 1.1, >= 1.1.4)
    rdf-xsd (1.1.1)
      rdf (~> 1.1)
    rdoc (4.1.1)
      json (~> 1.4)
    rspec-core (3.0.1)
      rspec-support (~> 3.0.0)
    rspec-expectations (3.0.1)
      diff-lcs (>= 1.2.0, < 2.0)
      rspec-support (~> 3.0.0)
    rspec-mocks (3.0.1)
      rspec-support (~> 3.0.0)
    rspec-rails (3.0.1)
      actionpack (>= 3.0)
      activesupport (>= 3.0)
      railties (>= 3.0)
      rspec-core (~> 3.0.0)
      rspec-expectations (~> 3.0.0)
      rspec-mocks (~> 3.0.0)
      rspec-support (~> 3.0.0)
    rspec-support (3.0.0)
    rubyntlm (0.3.4)
    sass (3.2.19)
    sass-rails (4.0.3)
      railties (>= 4.0.0, < 5.0)
      sass (~> 3.2.0)
      sprockets (~> 2.8, <= 2.11.0)
      sprockets-rails (~> 2.0)
    savon (2.5.1)
      akami (~> 1.2.0)
      builder (>= 2.1.2)
      gyoku (~> 1.1.0)
      httpi (~> 2.1.0)
      nokogiri (>= 1.4.0)
      nori (~> 2.4.0)
      uuid (~> 2.3.7)
      wasabi (~> 3.3.0)
    sdoc (0.4.0)
      json (~> 1.8)
      rdoc (~> 4.0, < 5.0)
    simple_form (3.0.2)
      actionpack (~> 4.0)
      activemodel (~> 4.0)
    sparql (1.1.3)
      builder (~> 3.0)
      ebnf (~> 0.3, >= 0.3.5)
      rdf (~> 1.1, >= 1.1.4)
      rdf-aggregate-repo (~> 1.1, >= 1.1.0)
      rdf-xsd (~> 1.1)
      sparql-client (~> 1.1)
      sxp (~> 0.1)
    sparql-client (1.1.1)
      json (>= 1.8)
      net-http-persistent (>= 1.4)
      rdf (>= 1.1)
    spring (1.1.3)
    sprockets (2.11.0)
      hike (~> 1.2)
      multi_json (~> 1.0)
      rack (~> 1.0)
      tilt (~> 1.1, != 1.3.0)
    sprockets-rails (2.1.3)
      actionpack (>= 3.0)
      activesupport (>= 3.0)
      sprockets (~> 2.8)
    sqlite3 (1.3.9)
    sxp (0.1.5)
    systemu (2.6.4)
    thor (0.19.1)
    thread_safe (0.3.4)
    tilt (1.4.1)
    treetop (1.4.15)
      polyglot
      polyglot (>= 0.3.1)
    turbolinks (2.2.2)
      coffee-rails
    tzinfo (1.2.1)
      thread_safe (~> 0.1)
    uglifier (2.5.1)
      execjs (>= 0.3.0)
      json (>= 1.8.0)
    uuid (2.3.7)
      macaddr (~> 1.0)
    wasabi (3.3.0)
      httpi (~> 2.0)
      mime-types (< 2.0.0)
      nokogiri (>= 1.4.0)

PLATFORMS
  ruby

DEPENDENCIES
  better_errors
  binding_of_caller
  coffee-rails (~> 4.0.0)
  equivalent-xml
  jbuilder (~> 2.0)
  jquery-rails
  pg
  rails (= 4.1.1)
  rails_12factor
  rdf
  rdf-rdfxml
  rdf-turtle
  rspec-rails
  sass-rails (~> 4.0.3)
  savon
  sdoc (~> 0.4.0)
  simple_form
  sparql
  spring
  sqlite3
  turbolinks
  uglifier (>= 1.3.0)
